type = integer-attribute
name = DATASET_RANK
count = 2
3 1 

type = integer-attribute
name = DATASET_DIMENSIONS
count = 3
161 191 151 

type = string-attribute
name = TYPESTRING
count = 15
'3DIM_HEAD_ANAT~

type = integer-attribute
name = SCENE_DATA
count = 3
2 10 0 

type = integer-attribute
name = ORIENT_SPECIFIC
count = 3
0 3 5 

type = float-attribute
name = DELTA
count = 3
1.000000 1.000000 -1.000000 

type = float-attribute
name = ORIGIN
count = 3
-80.000000 -80.000000 85.000000 

type = float-attribute
name = BRICK_STATS
count = 2
0.000000 48.000000 

type = integer-attribute
name = BRICK_TYPES
count = 1
0 

type = string-attribute
name = BYTEORDER_STRING
count = 10
'LSB_FIRST~

type = string-attribute
name = IDCODE_DATE
count = 25
'Mon Dec 18 13:22:50 2006~

type = string-attribute
name = WARP_PARENTNAME
count = 7
'Viggo!~

type = string-attribute
name = ANATOMY_PARENTNAME
count = 36
'Viggo!+AC-PC Aligned+Talairach View~

type = string-attribute
name = LABEL_1
count = 7
'Viggo!~

type = string-attribute
name = LABEL_2
count = 7
'Viggo!~

type = string-attribute
name = HISTORY_NOTE
count = 71
'[2007-08-30 16:27:48] mri_copy_dataset brodmann_tlrc_new brodmann_tlrc~

type = string-attribute
name = IDCODE_ANAT_PARENT
count = 27
'XYZ_6SMO6hGdcxJTFwlXj4hhSw~

type = string-attribute
name = DATASET_NAME
count = 22
'Viggo!@Talairach View~

type = string-attribute
name = IDCODE_WARP_PARENT
count = 27
'XYZ_aPxSLybNcwASGV5L6aqCDg~

type = float-attribute
name = pghmri.tlb
count = 3
-80.000000 80.000000 65.000000 

type = float-attribute
name = pghmri.blb
count = 3
-80.000000 80.000000 -85.000000 

type = float-attribute
name = pghmri.blf
count = 3
-80.000000 -110.000000 -85.000000 

type = float-attribute
name = pghmri.ctr
count = 3
-0.500000 -14.500000 -10.500000 

type = integer-attribute
name = WARP_TYPE
count = 8
1 0 -999 -999 -999 
-999 -999 -999 

type = float-attribute
name = pghmri.trf
count = 3
80.000000 -110.000000 65.000000 

type = float-attribute
name = IJK_TO_DICOM
count = 12
1.000000 0.000000 0.000000 -80.000000 0.000000 
1.000000 0.000000 -80.000000 0.000000 0.000000 
1.000000 -65.000000 

type = float-attribute
name = WARP_DATA
count = 360
0.944444 0.000000 0.000000 0.000000 1.028877 
0.033190 0.000000 -0.028403 0.880494 1.058824 
-0.000000 0.000000 0.000000 0.970923 -0.036598 
-0.000000 0.031320 1.134545 0.000000 -22.369770 
-18.774410 -0.000000 21.032221 22.001040 -9999.000000 
-9999.000000 0.000000 0.000000 0.000000 9999.900391 
0.944444 0.000000 0.000000 0.000000 1.028877 
0.033190 0.000000 -0.028403 0.880494 1.058824 
-0.000000 0.000000 0.000000 0.970923 -0.036598 
-0.000000 0.031320 1.134545 0.000000 -22.369770 
-18.774410 -0.000000 21.032221 22.001040 0.000000 
-9999.000000 0.000000 9999.900391 0.000000 9999.900391 
0.944444 0.000000 0.000000 0.000000 0.740395 
0.023884 0.000000 -0.028403 0.880494 1.058824 
-0.000000 0.000000 0.000000 1.349227 -0.036598 
-0.000000 0.043523 1.134545 0.000000 -16.097610 
-18.774410 -0.000000 21.032221 22.001040 -9999.000000 
0.000000 0.000000 0.000000 23.000000 9999.900391 
0.944444 0.000000 0.000000 0.000000 0.740395 
0.023884 0.000000 -0.028403 0.880494 1.058824 
-0.000000 0.000000 0.000000 1.349227 -0.036598 
-0.000000 0.043523 1.134545 0.000000 -16.097610 
-18.774410 -0.000000 21.032221 22.001040 0.000000 
0.000000 0.000000 9999.900391 23.000000 9999.900391 
0.944444 0.000000 0.000000 0.000000 1.012922 
0.032675 0.000000 -0.028403 0.880494 1.058823 
-0.000000 0.000000 0.000000 0.986216 -0.036598 
-0.000000 0.031813 1.134545 0.000000 -13.556950 
-18.774410 -0.000000 12.682980 21.731710 -9999.000000 
23.000000 0.000000 0.000000 9999.000000 9999.900391 
0.944444 0.000000 0.000000 0.000000 1.012922 
0.032675 0.000000 -0.028403 0.880494 1.058823 
-0.000000 0.000000 0.000000 0.986216 -0.036598 
-0.000000 0.031813 1.134545 0.000000 -13.556950 
-18.774410 -0.000000 12.682980 21.731710 0.000000 
23.000000 0.000000 9999.900391 9999.000000 9999.900391 
0.944444 0.000000 0.000000 0.000000 1.028877 
0.033190 0.000000 -0.028811 0.893152 1.058824 
-0.000000 0.000000 0.000000 0.970923 -0.036080 
-0.000000 0.031320 1.118466 0.000000 -22.369770 
-19.044319 -0.000000 21.032221 22.001051 -9999.000000 
-9999.000000 -9999.000000 0.000000 0.000000 0.000000 
0.944444 0.000000 0.000000 0.000000 1.028877 
0.033190 0.000000 -0.028811 0.893152 1.058824 
-0.000000 0.000000 0.000000 0.970923 -0.036080 
-0.000000 0.031320 1.118466 0.000000 -22.369770 
-19.044319 -0.000000 21.032221 22.001051 0.000000 
-9999.000000 -9999.000000 9999.900391 0.000000 0.000000 
0.944444 0.000000 0.000000 0.000000 0.740395 
0.023884 0.000000 -0.028811 0.893152 1.058824 
-0.000000 0.000000 0.000000 1.349227 -0.036080 
-0.000000 0.043523 1.118466 0.000000 -16.097610 
-19.044319 -0.000000 21.032221 22.001051 -9999.000000 
0.000000 -9999.000000 0.000000 23.000000 0.000000 
0.944444 0.000000 0.000000 0.000000 0.740395 
0.023884 0.000000 -0.028811 0.893152 1.058824 
-0.000000 0.000000 0.000000 1.349227 -0.036080 
-0.000000 0.043523 1.118466 0.000000 -16.097610 
-19.044319 -0.000000 21.032221 22.001051 0.000000 
0.000000 -9999.000000 9999.900391 23.000000 0.000000 
0.944444 0.000000 0.000000 0.000000 1.012922 
0.032675 0.000000 -0.028811 0.893152 1.058824 
-0.000000 0.000000 0.000000 0.986217 -0.036080 
-0.000000 0.031813 1.118466 0.000000 -13.556950 
-19.044319 -0.000000 12.682980 21.731710 -9999.000000 
23.000000 -9999.000000 0.000000 9999.000000 0.000000 
0.944444 0.000000 0.000000 0.000000 1.012922 
0.032675 0.000000 -0.028811 0.893152 1.058824 
-0.000000 0.000000 0.000000 0.986217 -0.036080 
-0.000000 0.031813 1.118466 0.000000 -13.556950 
-19.044319 -0.000000 12.682980 21.731710 0.000000 
23.000000 -9999.000000 9999.900391 9999.000000 0.000000 

